GIT
  remote: git://github.com/davebrace/rails_admin.git
  revision: c6f6ff3110210ee90125a7258fc3fc1186f23088
  branch: use-static-bootstrap-2
  specs:
    rails_admin (0.5.0)
      builder (~> 3.1)
      coffee-rails (~> 4.0)
      font-awesome-rails (~> 3.0)
      haml (~> 4.0)
      jquery-rails (~> 3.0)
      jquery-ui-rails (~> 4.0)
      kaminari (~> 0.14)
      nested_form (~> 0.3)
      rack-pjax (~> 0.7)
      rails (~> 4.0.0)
      remotipart (~> 1.0)
      safe_yaml (~> 0.9)
      sass-rails (~> 4.0)

GIT
  remote: git://github.com/intridea/omniauth
  revision: b19cfe4b8feb6545393573527364987ce16becc4
  specs:
    omniauth (1.1.4)
      hashie (>= 1.2, < 3)
      rack

GIT
  remote: git://github.com/intridea/omniauth-contrib
  revision: 027be2e65077eaa123992d64cff0190f634394e8
  specs:
    omniauth-contrib (1.0.0)
      multi_json
      omniauth (~> 1.0)
      omniauth-oauth (~> 1.0)

GIT
  remote: git://github.com/intridea/omniauth-oauth
  revision: 43008e42b257d9b7c0b98122cf03ce14b021d782
  specs:
    omniauth-oauth (1.0.1)
      oauth
      omniauth (~> 1.0)

GEM
  remote: http://rubygems.org/
  specs:
    RedCloth (4.2.9)
    ZenTest (4.9.5)
    actionmailer (4.0.1)
      actionpack (= 4.0.1)
      mail (~> 2.5.4)
    actionpack (4.0.1)
      activesupport (= 4.0.1)
      builder (~> 3.1.0)
      erubis (~> 2.7.0)
      rack (~> 1.5.2)
      rack-test (~> 0.6.2)
    activemodel (4.0.1)
      activesupport (= 4.0.1)
      builder (~> 3.1.0)
    activerecord (4.0.1)
      activemodel (= 4.0.1)
      activerecord-deprecated_finders (~> 1.0.2)
      activesupport (= 4.0.1)
      arel (~> 4.0.0)
    activerecord-deprecated_finders (1.0.3)
    activesupport (4.0.1)
      i18n (~> 0.6, >= 0.6.4)
      minitest (~> 4.2)
      multi_json (~> 1.3)
      thread_safe (~> 0.1)
      tzinfo (~> 0.3.37)
    addressable (2.3.5)
    arel (4.0.1)
    atomic (1.1.14)
    autotest (4.4.6)
      ZenTest (>= 4.4.1)
    aws-s3 (0.6.3)
      builder
      mime-types
      xml-simple
    bcrypt-ruby (3.1.2)
    bootstrap-sass (3.0.2.0)
      sass (~> 3.2)
    bourbon (3.1.8)
      sass (>= 3.2.0)
      thor
    builder (3.1.4)
    capybara (2.1.0)
      mime-types (>= 1.16)
      nokogiri (>= 1.3.3)
      rack (>= 1.0.0)
      rack-test (>= 0.5.4)
      xpath (~> 2.0)
    capybara-webkit (1.0.0)
      capybara (~> 2.0, >= 2.0.2)
      json
    celluloid (0.15.2)
      timers (~> 1.1.0)
    childprocess (0.3.9)
      ffi (~> 1.0, >= 1.0.11)
    coderay (1.0.9)
    coffee-rails (4.0.1)
      coffee-script (>= 2.2.0)
      railties (>= 4.0.0, < 5.0)
    coffee-script (2.2.0)
      coffee-script-source
      execjs
    coffee-script-source (1.6.3)
    crack (0.4.1)
      safe_yaml (~> 0.9.0)
    cucumber (1.3.9)
      builder (>= 2.1.2)
      diff-lcs (>= 1.1.3)
      gherkin (~> 2.12)
      multi_json (>= 1.7.5, < 2.0)
      multi_test (>= 0.0.2)
    cucumber-rails (1.4.0)
      capybara (>= 1.1.2)
      cucumber (>= 1.2.0)
      nokogiri (>= 1.5.0)
      rails (>= 3.0.0)
    daemons (1.1.9)
    dalli (2.6.4)
    database_cleaner (1.2.0)
    devise (3.2.0)
      bcrypt-ruby (~> 3.0)
      orm_adapter (~> 0.1)
      railties (>= 3.2.6, < 5)
      thread_safe (~> 0.1)
      warden (~> 1.2.3)
    diff-lcs (1.2.5)
    dropbox-sdk (1.6.2)
      json
    erubis (2.7.0)
    eventmachine (1.0.3)
    excon (0.25.3)
    execjs (2.0.2)
    factory_girl (4.3.0)
      activesupport (>= 3.0.0)
    factory_girl_rails (4.3.0)
      factory_girl (~> 4.3.0)
      railties (>= 3.0.0)
    fakeweb (1.3.0)
    faraday (0.8.8)
      multipart-post (~> 1.2.0)
    faraday_middleware (0.9.0)
      faraday (>= 0.7.4, < 0.9)
    ffi (1.9.3)
    font-awesome-rails (3.2.1.3)
      railties (>= 3.2, < 5.0)
    formatador (0.2.4)
    formtastic (2.2.1)
      actionpack (>= 3.0)
    gherkin (2.12.2)
      multi_json (~> 1.3)
    guard (2.2.3)
      formatador (>= 0.2.4)
      listen (~> 2.1)
      lumberjack (~> 1.0)
      pry (>= 0.9.12)
      thor (>= 0.18.1)
    guard-cucumber (1.4.0)
      cucumber (>= 1.2.0)
      guard (>= 1.1.0)
    guard-spork (1.5.1)
      childprocess (>= 0.2.3)
      guard (>= 1.1)
      spork (>= 0.8.4)
    haml (4.0.4)
      tilt
    hashie (2.0.5)
    heroku (3.0.1)
      heroku-api (~> 0.3.7)
      launchy (>= 0.3.2)
      netrc (~> 0.7.7)
      rest-client (~> 1.6.1)
      rubyzip
    heroku-api (0.3.15)
      excon (~> 0.25.1)
    high_voltage (2.0.0)
    hike (1.2.3)
    i18n (0.6.5)
    jquery-rails (3.0.4)
      railties (>= 3.0, < 5.0)
      thor (>= 0.14, < 2.0)
    jquery-ui-rails (4.1.0)
      railties (>= 3.1.0)
    json (1.8.1)
    kaminari (0.14.1)
      actionpack (>= 3.0.0)
      activesupport (>= 3.0.0)
    launchy (2.3.0)
      addressable (~> 2.3)
    liquid (2.5.3)
    liquid-inheritance (0.1.1)
    listen (2.2.0)
      celluloid (>= 0.15.2)
      rb-fsevent (>= 0.9.3)
      rb-inotify (>= 0.9)
    lumberjack (1.0.4)
    mail (2.5.4)
      mime-types (~> 1.16)
      treetop (~> 1.4.8)
    method_source (0.8.2)
    mime-types (1.25)
    mini_portile (0.5.2)
    minitest (4.7.5)
    mono_logger (1.1.0)
    multi_json (1.8.2)
    multi_test (0.0.2)
    multipart-post (1.2.0)
    name-dot-com (0.1.0)
      faraday
      faraday_middleware
      hashie
      multi_json
      yajl-ruby
    nested_form (0.3.2)
    netrc (0.7.7)
    nokogiri (1.6.0)
      mini_portile (~> 0.5.0)
    oauth (0.4.7)
    orm_adapter (0.4.0)
    pg (0.17.0)
    polyglot (0.3.3)
    protected_attributes (1.0.5)
      activemodel (>= 4.0.1, < 5.0)
    pry (0.9.12.2)
      coderay (~> 1.0.5)
      method_source (~> 0.8)
      slop (~> 3.4)
    rack (1.5.2)
    rack-pjax (0.7.0)
      nokogiri (~> 1.5)
      rack (~> 1.3)
    rack-protection (1.5.1)
      rack
    rack-test (0.6.2)
      rack (>= 1.0)
    rails (4.0.1)
      actionmailer (= 4.0.1)
      actionpack (= 4.0.1)
      activerecord (= 4.0.1)
      activesupport (= 4.0.1)
      bundler (>= 1.3.0, < 2.0)
      railties (= 4.0.1)
      sprockets-rails (~> 2.0.0)
    railties (4.0.1)
      actionpack (= 4.0.1)
      activesupport (= 4.0.1)
      rake (>= 0.8.7)
      thor (>= 0.18.1, < 2.0)
    rake (10.1.0)
    rb-fsevent (0.9.3)
    rb-inotify (0.9.2)
      ffi (>= 0.5.0)
    rdiscount (2.1.7)
    redcarpet (3.0.0)
    redis (3.0.6)
    redis-namespace (1.3.2)
      redis (~> 3.0.4)
    remotipart (1.2.1)
    resque (1.25.1)
      mono_logger (~> 1.0)
      multi_json (~> 1.0)
      redis-namespace (~> 1.2)
      sinatra (>= 0.9.2)
      vegas (~> 0.1.2)
    resque_mailer (2.2.5)
      actionmailer (>= 3.0)
    rest-client (1.6.7)
      mime-types (>= 1.16)
    rspec (2.14.1)
      rspec-core (~> 2.14.0)
      rspec-expectations (~> 2.14.0)
      rspec-mocks (~> 2.14.0)
    rspec-core (2.14.7)
    rspec-expectations (2.14.4)
      diff-lcs (>= 1.1.3, < 2.0)
    rspec-mocks (2.14.4)
    rspec-rails (2.14.0)
      actionpack (>= 3.0)
      activesupport (>= 3.0)
      railties (>= 3.0)
      rspec-core (~> 2.14.0)
      rspec-expectations (~> 2.14.0)
      rspec-mocks (~> 2.14.0)
    rubyzip (1.1.0)
    safe_yaml (0.9.7)
    sass (3.2.12)
    sass-rails (4.0.1)
      railties (>= 4.0.0, < 5.0)
      sass (>= 3.1.10)
      sprockets-rails (~> 2.0.0)
    shoulda-matchers (2.4.0)
      activesupport (>= 3.0.0)
    simplehttp (0.1.3)
    sinatra (1.4.4)
      rack (~> 1.4)
      rack-protection (~> 1.4)
      tilt (~> 1.3, >= 1.3.4)
    slop (3.4.6)
    spork (0.9.0.rc9)
    sprockets (2.10.0)
      hike (~> 1.2)
      multi_json (~> 1.0)
      rack (~> 1.0)
      tilt (~> 1.1, != 1.3.0)
    sprockets-rails (2.0.1)
      actionpack (>= 3.0)
      activesupport (>= 3.0)
      sprockets (~> 2.8)
    sqlite3 (1.3.8)
    stripe (1.8.8)
      multi_json (>= 1.0.4, < 2)
      rest-client (~> 1.4)
    thin (1.6.1)
      daemons (>= 1.0.9)
      eventmachine (>= 1.0.0)
      rack (>= 1.0.0)
    thor (0.18.1)
    thread_safe (0.1.3)
      atomic
    tilt (1.4.1)
    timers (1.1.0)
    treetop (1.4.15)
      polyglot
      polyglot (>= 0.3.1)
    tweet-button (0.1.0)
    tzinfo (0.3.38)
    uglifier (2.3.1)
      execjs (>= 0.3.0)
      json (>= 1.8.0)
    vcr (2.7.0)
    vegas (0.1.11)
      rack (>= 1.0.0)
    warden (1.2.3)
      rack (>= 1.0)
    webmock (1.15.2)
      addressable (>= 2.2.7)
      crack (>= 0.3.2)
    xml-simple (1.1.2)
    xpath (2.0.0)
      nokogiri (~> 1.3)
    yajl-ruby (1.1.0)

PLATFORMS
  ruby

DEPENDENCIES
  RedCloth (>= 4.2.7)
  autotest
  aws-s3
  bootstrap-sass
  bourbon
  capybara
  capybara-webkit
  coffee-rails
  cucumber-rails
  dalli
  database_cleaner
  devise
  dropbox-sdk
  factory_girl_rails
  fakeweb
  formtastic
  guard-cucumber
  guard-spork
  haml
  heroku
  high_voltage
  jquery-rails
  launchy
  liquid
  liquid-inheritance
  name-dot-com
  nokogiri
  omniauth!
  omniauth-contrib!
  omniauth-oauth!
  pg
  protected_attributes
  pry
  rails (= 4.0.1)
  rails_admin!
  rb-fsevent
  rdiscount
  redcarpet
  resque
  resque_mailer
  rspec
  rspec-rails
  sass-rails
  shoulda-matchers
  simplehttp
  spork (= 0.9.0.rc9)
  sqlite3
  stripe
  thin
  tweet-button
  uglifier
  vcr
  webmock
